PATH
  remote: .
  specs:
    backlog_issuer (0.1.0)
      backlog_kit (= 0.15.0)
      thor

GEM
  remote: https://rubygems.org/
  specs:
    activesupport (5.0.0.1)
      concurrent-ruby (~> 1.0, >= 1.0.2)
      i18n (~> 0.7)
      minitest (~> 5.1)
      tzinfo (~> 1.1)
    backlog_kit (0.15.0)
      activesupport (>= 4.2.7.1)
      faraday (~> 0.10.0)
      faraday_middleware (~> 0.10.1)
    coderay (1.1.0)
    concurrent-ruby (1.0.2)
    faraday (0.10.0)
      multipart-post (>= 1.2, < 3)
    faraday_middleware (0.10.1)
      faraday (>= 0.7.4, < 1.0)
    i18n (0.7.0)
    method_source (0.8.2)
    minitest (5.10.1)
    multipart-post (2.0.0)
    pry (0.10.3)
      coderay (~> 1.1.0)
      method_source (~> 0.8.1)
      slop (~> 3.4)
    rake (10.4.2)
    slop (3.6.0)
    thor (0.19.4)
    thread_safe (0.3.5)
    tzinfo (1.2.2)
      thread_safe (~> 0.1)

PLATFORMS
  ruby

DEPENDENCIES
  backlog_issuer!
  bundler (~> 1.10)
  pry
  rake (~> 10.0)

BUNDLED WITH
   1.12.5
